GEM
  remote: https://rubygems.org/
  specs:
    base64 (0.2.0)
    drb (2.2.1)
    hubssolib (3.0.3)
      base64 (~> 0.2)
      drb (~> 2.2)

PLATFORMS
  arm64-darwin-24
  ruby

DEPENDENCIES
  base64
  drb
  hubssolib (~> 3.0)

BUNDLED WITH
   2.6.2
