GEM
  remote: https://rubygems.org/
  specs:
    hubssolib (2.1.0)

PLATFORMS
  ruby

DEPENDENCIES
  hubssolib (~> 2.1.0)

BUNDLED WITH
   2.3.17
