GEM
  remote: https://rubygems.org/
  specs:
    base64 (0.2.0)
    drb (2.2.1)
    hubssolib (2.1.0)

PLATFORMS
  arm64-darwin-21
  ruby

DEPENDENCIES
  base64
  drb
  hubssolib (~> 2.1)

BUNDLED WITH
   2.5.15
