GEM
  remote: https://rubygems.org/
  specs:
    hubssolib (2.0.0)

PLATFORMS
  ruby

DEPENDENCIES
  hubssolib (~> 2.0.0)

BUNDLED WITH
   2.2.0
